PATH
  remote: .
  specs:
    clerq (0.3.2)
      thor (~> 1.0.1)

GEM
  remote: https://rubygems.org/
  specs:
    minitest (5.13.0)
    rake (13.0.1)
    thor (1.0.1)

PLATFORMS
  x64-mingw32

DEPENDENCIES
  bundler (~> 2.1.4)
  clerq!
  minitest (~> 5.0)
  rake (~> 13.0)

BUNDLED WITH
   2.1.4
