PATH
  remote: .
  specs:
    clerq (0.3.1)
      thor (~> 0.20.3)

GEM
  remote: https://rubygems.org/
  specs:
    minitest (5.13.0)
    rake (13.0.1)
    thor (0.20.3)

PLATFORMS
  ruby
  x64-mingw32

DEPENDENCIES
  bundler (~> 1.17)
  clerq!
  minitest (~> 5.0)
  rake (~> 13.0)

BUNDLED WITH
   1.17.3
