PATH
  remote: .
  specs:
    clerq (0.3.3)
      thor (~> 1.0.1)

GEM
  remote: https://rubygems.org/
  specs:
    minitest (5.14.4)
    rake (13.0.1)
    thor (1.0.1)

PLATFORMS
  x64-mingw32

DEPENDENCIES
  bundler (~> 2.2.3)
  clerq!
  minitest (~> 5.14.2)
  rake (~> 13.0)

BUNDLED WITH
   2.2.15
