PATH
  remote: .
  specs:
    clerq (0.2.0)
      thor (~> 0.20.3)

GEM
  remote: https://rubygems.org/
  specs:
    minitest (5.13.0)
    rake (10.5.0)
    thor (0.20.3)

PLATFORMS
  x64-mingw32

DEPENDENCIES
  bundler (~> 1.17)
  clerq!
  minitest (~> 5.0)
  rake (~> 10.0)

BUNDLED WITH
   1.17.3
